GEM
  remote: http://rubygems.org/
  specs:
    amq-client (1.0.0)
      amq-protocol (>= 1.2.0)
      eventmachine
    amq-protocol (1.3.0)
    amqp (1.0.1)
      amq-client (~> 1.0.0)
      amq-protocol (>= 1.3.0)
      eventmachine
    backports (3.3.0)
    cf-runtime (0.2.0)
    daemons (1.1.9)
    eventmachine (1.0.3)
    rack (1.5.2)
    rack-protection (1.5.0)
      rack
    rack-test (0.6.2)
      rack (>= 1.0)
    sinatra (1.4.2)
      rack (~> 1.5, >= 1.5.2)
      rack-protection (~> 1.4)
      tilt (~> 1.3, >= 1.3.4)
    sinatra-contrib (1.4.0)
      backports (>= 2.0)
      eventmachine
      rack-protection
      rack-test
      sinatra (~> 1.4.2)
      tilt (~> 1.3)
    thin (1.5.1)
      daemons (>= 1.0.9)
      eventmachine (>= 0.12.6)
      rack (>= 1.0.0)
    tilt (1.3.7)

PLATFORMS
  ruby

DEPENDENCIES
  amqp
  cf-runtime
  sinatra
  sinatra-contrib
  thin
